GEM
  remote: https://rubygems.org/
  specs:
    backports (3.6.8)
    faraday (0.9.2)
      multipart-post (>= 1.2, < 3)
    hashie (3.4.4)
    httmultiparty (0.3.16)
      httparty (>= 0.7.3)
      mimemagic
      multipart-post
    httparty (0.13.7)
      json (~> 1.8)
      multi_xml (>= 0.5.2)
    json (1.8.3)
    jwt (1.5.1)
    mimemagic (0.3.1)
    mini_portile2 (2.1.0)
    multi_json (1.12.1)
    multi_xml (0.5.5)
    multipart-post (2.0.0)
    nokogiri (1.6.8)
      mini_portile2 (~> 2.1.0)
      pkg-config (~> 1.1.7)
    oauth2 (1.1.0)
      faraday (>= 0.8, < 0.10)
      jwt (~> 1.0, < 1.5.2)
      multi_json (~> 1.3)
      multi_xml (~> 0.5)
      rack (>= 1.2, < 3)
    omniauth (1.3.1)
      hashie (>= 1.2, < 4)
      rack (>= 1.0, < 3)
    omniauth-oauth2 (1.4.0)
      oauth2 (~> 1.0)
      omniauth (~> 1.2)
    pkg-config (1.1.7)
    polylines (0.3.0)
    puma (2.11.2)
      rack (>= 1.1, < 2.0)
    rack (1.6.4)
    rack-flash3 (1.0.5)
      rack
    rack-protection (1.5.3)
      rack
    rack-test (0.6.3)
      rack (>= 1.0)
    rake (10.4.2)
    sinatra (1.4.7)
      rack (~> 1.5)
      rack-protection (~> 1.4)
      tilt (>= 1.3, < 3)
    sinatra-contrib (1.4.7)
      backports (>= 2.0)
      multi_json
      rack-protection
      rack-test
      sinatra (~> 1.4.0)
      tilt (>= 1.3, < 3)
    sinatra-reloader (1.0)
      sinatra-contrib
    strava-api-v3 (0.6.0)
      httmultiparty
      multi_json
    tcxxxer (1.0.0)
    tilt (2.0.5)
    unoffical-omniauth-strava (0.1.0)
      omniauth-oauth2 (~> 1.2)

PLATFORMS
  ruby

DEPENDENCIES
  nokogiri
  polylines
  puma (= 2.11.2)
  rack-flash3
  rake
  sinatra
  sinatra-reloader
  strava-api-v3 (= 0.6.0)
  tcxxxer (= 1.0.0)
  unoffical-omniauth-strava (~> 0.1.0)

BUNDLED WITH
   1.10.5
